GEM
  remote: https://rubygems.org/
  specs:
    activesupport (3.2.13)
      i18n (= 0.6.1)
      multi_json (~> 1.0)
    i18n (0.6.1)
    mad-p-xmpp4r (0.6.3)
    multi_json (1.7.3)
    nokogiri (1.5.9)
    nokogiri (1.5.9-java)
    systemu (2.5.2)

PLATFORMS
  java
  ruby

DEPENDENCIES
  activesupport (= 3.2.13)
  mad-p-xmpp4r (= 0.6.3)
  nokogiri (= 1.5.9)
  systemu (= 2.5.2)
